GEM
  remote: https://rubygems.org/
  specs:
    chunky_png (1.3.0)
    compass (0.13.alpha.4)
      chunky_png (~> 1.2)
      listen (<= 0.9.9)
      sass (~> 3.2.5)
    foundation (1.0.4)
      thor (>= 0.18.1)
    listen (0.7.3)
    sass (3.2.14)
    thor (0.18.1)

PLATFORMS
  ruby

DEPENDENCIES
  compass (~> 0.13.alpha.4)
  foundation
  sass (~> 3.2.14)
